GIT
  remote: https://github.com/NoSoft-SA/crossbeams-dataminer.git
  revision: 1b2c10afb25ab46427be358928436491f05ba1fc
  specs:
    crossbeams-dataminer (0.1.4)
      pg_query (= 1.0.2)

GIT
  remote: https://github.com/NoSoft-SA/crossbeams-label_designer.git
  revision: fe71225ffd8ad26842d8617d74394dbfd54b511b
  specs:
    crossbeams-label_designer (0.1.1)
      dry-configurable
      erubi
      json

GIT
  remote: https://github.com/NoSoft-SA/crossbeams-layout.git
  revision: 9343ef8bfbe1168e9aa13359ded4200205ff0c59
  specs:
    crossbeams-layout (0.1.7)
      diffy
      rouge

GIT
  remote: https://github.com/NoSoft-SA/crossbeams-rack_middleware.git
  revision: 94793ab9dd34bd27ff0abe817fada99ee5c1b53a
  specs:
    crossbeams-rack_middleware (0.1.1)
      erubis
      rack

GIT
  remote: https://github.com/NoSoft-SA/roda-data_grid.git
  revision: ccbe5a99e9f76f8123dcd2b51359c4a7091c1811
  specs:
    roda-data_grid (0.1.5)
      axlsx
      crossbeams-dataminer
      crossbeams-layout
      roda

GEM
  remote: https://rubygems.org/
  specs:
    asciidoctor (1.5.6.2)
    ast (2.4.0)
    awesome_print (1.8.0)
    axlsx (2.0.1)
      htmlentities (~> 4.3.1)
      nokogiri (>= 1.4.1)
      rubyzip (~> 1.0.0)
    bcrypt (3.1.11)
    byebug (10.0.2)
    clipboard (1.1.1)
    coderay (1.1.2)
    concurrent-ruby (1.0.5)
    daemons (1.2.6)
    diffy (3.2.1)
    dotenv (2.2.2)
    dry-configurable (0.7.0)
      concurrent-ruby (~> 1.0)
    dry-container (0.6.0)
      concurrent-ruby (~> 1.0)
      dry-configurable (~> 0.1, >= 0.1.3)
    dry-core (0.4.5)
      concurrent-ruby (~> 1.0)
    dry-equalizer (0.2.0)
    dry-inflector (0.1.1)
    dry-logic (0.4.2)
      dry-container (~> 0.2, >= 0.2.6)
      dry-core (~> 0.2)
      dry-equalizer (~> 0.2)
    dry-struct (0.4.0)
      dry-core (~> 0.4, >= 0.4.1)
      dry-equalizer (~> 0.2)
      dry-types (~> 0.12, >= 0.12.2)
      ice_nine (~> 0.11)
    dry-types (0.12.2)
      concurrent-ruby (~> 1.0)
      dry-configurable (~> 0.1)
      dry-container (~> 0.3)
      dry-core (~> 0.2, >= 0.2.1)
      dry-equalizer (~> 0.2)
      dry-logic (~> 0.4, >= 0.4.2)
      inflecto (~> 0.0.0, >= 0.0.2)
    dry-validation (0.11.1)
      concurrent-ruby (~> 1.0)
      dry-configurable (~> 0.1, >= 0.1.3)
      dry-core (~> 0.2, >= 0.2.1)
      dry-equalizer (~> 0.2)
      dry-logic (~> 0.4, >= 0.4.0)
      dry-types (~> 0.12.0)
    erubi (1.7.1)
    erubis (2.7.0)
    eventmachine (1.2.5)
    ffi (1.9.23)
    htmlentities (4.3.4)
    ice_nine (0.11.2)
    inflecto (0.0.2)
    jaro_winkler (1.5.1)
    json (2.1.0)
    listen (3.1.5)
      rb-fsevent (~> 0.9, >= 0.9.4)
      rb-inotify (~> 0.9, >= 0.9.7)
      ruby_dep (~> 1.2)
    metaclass (0.0.4)
    method_source (0.9.0)
    mini_portile2 (2.3.0)
    minitest (5.11.3)
    minitest-hooks (1.4.2)
    minitest-rg (5.2.0)
      minitest (~> 5.0)
    minitest-stub_any_instance (1.0.2)
    mocha (1.5.0)
      metaclass (~> 0.0.1)
    nokogiri (1.8.3)
      mini_portile2 (~> 2.3.0)
    parallel (1.12.1)
    parser (2.5.1.0)
      ast (~> 2.4.0)
    pg (1.0.0)
    pg_query (1.0.2)
    powerpack (0.1.2)
    pry (0.11.3)
      coderay (~> 1.1.0)
      method_source (~> 0.9.0)
    pry-byebug (3.6.0)
      byebug (~> 10.0)
      pry (~> 0.10)
    pry-clipboard (0.1.1)
      clipboard
      pry
    pry-doc (0.13.4)
      pry (~> 0.11)
      yard (~> 0.9.11)
    rack (2.0.5)
    rack-console (1.3.1)
      rack (>= 1.1)
      rack-test
    rack-test (1.0.0)
      rack (>= 1.0, < 3)
    rack_csrf (2.6.0)
      rack (>= 1.1.0)
    rainbow (3.0.0)
    rake (12.3.1)
    rb-fsevent (0.10.3)
    rb-inotify (0.9.10)
      ffi (>= 0.5.0, < 2)
    rerun (0.13.0)
      listen (~> 3.0)
    roda (3.9.0)
      rack
    roda-symbolized_params (0.0.2)
    rodauth (1.16.0)
      roda (>= 2.6.0)
      sequel (>= 4)
    rouge (3.1.1)
    rubocop (0.57.2)
      jaro_winkler (~> 1.5.1)
      parallel (~> 1.10)
      parser (>= 2.5)
      powerpack (~> 0.1)
      rainbow (>= 2.2.2, < 4.0)
      ruby-progressbar (~> 1.7)
      unicode-display_width (~> 1.0, >= 1.0.1)
    ruby-progressbar (1.9.0)
    ruby_dep (1.5.0)
    rubyzip (1.0.0)
    sass (3.5.6)
      sass-listen (~> 4.0.0)
    sass-listen (4.0.0)
      rb-fsevent (~> 0.9, >= 0.9.4)
      rb-inotify (~> 0.9, >= 0.9.7)
    sequel (5.7.1)
    sequel_postgresql_triggers (1.4.0)
      sequel
    thin (1.7.2)
      daemons (~> 1.0, >= 1.0.9)
      eventmachine (~> 1.0, >= 1.0.4)
      rack (>= 1, < 3)
    tilt (2.0.8)
    unicode-display_width (1.4.0)
    yard (0.9.12)

PLATFORMS
  ruby

DEPENDENCIES
  asciidoctor
  awesome_print
  bcrypt
  crossbeams-dataminer!
  crossbeams-label_designer!
  crossbeams-layout!
  crossbeams-rack_middleware!
  dotenv
  dry-inflector
  dry-struct
  dry-validation
  minitest (~> 5.11)
  minitest-hooks (= 1.4.2)
  minitest-rg
  minitest-stub_any_instance (~> 1.0.1)
  mocha (~> 1.5)
  pg
  pry
  pry-byebug
  pry-clipboard
  pry-doc
  rack-console
  rack-test
  rack_csrf
  rake
  rerun
  roda
  roda-data_grid!
  roda-symbolized_params
  rodauth
  rouge
  rubocop
  sass
  sequel
  sequel_postgresql_triggers
  thin
  tilt
  yard

BUNDLED WITH
   1.16.1
